GEM
  remote: https://rubygems.org/
  specs:
    avro (1.11.2)
      multi_json (~> 1.0)
    avro_turf (1.11.0)
      avro (>= 1.8.0, < 1.12)
      excon (~> 0.71)
    coderay (1.1.3)
    excon (0.102.0)
    faraday (2.7.10)
      faraday-net_http (>= 2.0, < 3.1)
      ruby2_keywords (>= 0.0.4)
    faraday-net_http (3.0.2)
    method_source (1.0.0)
    multi_json (1.15.0)
    pry (0.14.2)
      coderay (~> 1.1)
      method_source (~> 1.0)
    ruby2_keywords (0.0.5)

PLATFORMS
  x86_64-linux

DEPENDENCIES
  avro_turf
  faraday
  pry

BUNDLED WITH
   2.4.10
