GEM
  remote: https://rubygems.org/
  specs:
    bcrypt (3.1.19)
    concurrent-ruby (1.2.2)
    dotenv (2.8.1)
    ffi (1.15.5)
    jwt (2.7.1)
    karafka-core (2.1.1)
      concurrent-ruby (>= 1.1)
      karafka-rdkafka (>= 0.13.1, < 0.14.0)
    karafka-rdkafka (0.13.3)
      ffi (~> 1.15)
      mini_portile2 (~> 2.6)
      rake (> 12)
    mini_portile2 (2.8.4)
    nio4r (2.5.9)
    pg (1.5.3)
    puma (6.3.0)
      nio4r (~> 2.0)
    rack (3.0.8)
    rackup (2.1.0)
      rack (>= 3)
      webrick (~> 1.8)
    rake (13.0.6)
    roda (3.70.0)
      rack
    rodauth (2.30.0)
      roda (>= 2.6.0)
      sequel (>= 4)
    sequel (5.71.0)
    waterdrop (2.6.6)
      karafka-core (>= 2.1.1, < 3.0.0)
      zeitwerk (~> 2.3)
    webrick (1.8.1)
    zeitwerk (2.6.11)

PLATFORMS
  x86_64-linux

DEPENDENCIES
  bcrypt
  dotenv
  jwt
  pg
  puma
  rackup
  rake
  roda
  rodauth
  sequel
  waterdrop

BUNDLED WITH
   2.4.10
